GEM
  remote: https://rubygems.org/
  specs:
    mime-types (2.4.3)
    rack (1.6.0)
    rest-client (1.6.7)
      mime-types (>= 1.16)

PLATFORMS
  ruby

DEPENDENCIES
  rack
  rest-client
